GEM
  remote: https://rubygems.org/
  specs:
    activesupport (4.0.2)
      i18n (~> 0.6, >= 0.6.4)
      minitest (~> 4.2)
      multi_json (~> 1.3)
      thread_safe (~> 0.1)
      tzinfo (~> 0.3.37)
    atomic (1.1.14)
    i18n (0.6.9)
    mediawiki-gateway (0.5.2)
      activesupport
      mediawiki-gateway
      rest-client (>= 1.3.0)
    mime-types (2.0)
    minitest (4.7.5)
    multi_json (1.8.4)
    rest-client (1.6.7)
      mime-types (>= 1.16)
    ri_cal (0.8.8)
    thread_safe (0.1.3)
      atomic
    tilt (1.4.1)
    tzinfo (0.3.38)

PLATFORMS
  ruby

DEPENDENCIES
  activesupport
  mediawiki-gateway (~> 0.5.2)
  ri_cal (~> 0.8.8)
  tilt (~> 1.4.1)
