PATH
  remote: .
  specs:
    infobot (0.1.1)
      activesupport (~> 4.0)
      erubis
      mediawiki-gateway (~> 0.6)
      memoizer (~> 1.0)
      pry (~> 0.9)
      ri_cal (~> 0.8)
      thor (~> 0.18)
      tilt (~> 2.0)

GEM
  remote: https://rubygems.org/
  specs:
    activesupport (4.1.4)
      i18n (~> 0.6, >= 0.6.9)
      json (~> 1.7, >= 1.7.7)
      minitest (~> 5.1)
      thread_safe (~> 0.1)
      tzinfo (~> 1.1)
    cane (2.6.2)
      parallel
    coderay (1.1.0)
    erubis (2.7.0)
    i18n (0.6.11)
    json (1.8.1)
    mediawiki-gateway (0.6.0)
      activesupport
      rest-client (>= 1.3.0)
    memoizer (1.0.1)
    method_source (0.8.2)
    mime-types (2.3)
    minitest (5.4.0)
    netrc (0.7.7)
    parallel (1.0.0)
    pry (0.10.0)
      coderay (~> 1.1.0)
      method_source (~> 0.8.1)
      slop (~> 3.4)
    rest-client (1.7.1)
      mime-types (>= 1.16, < 3.0)
      netrc (~> 0.7)
    ri_cal (0.8.8)
    slop (3.5.0)
    thor (0.19.1)
    thread_safe (0.3.4)
    tilt (2.0.1)
    tzinfo (1.2.1)
      thread_safe (~> 0.1)

PLATFORMS
  ruby

DEPENDENCIES
  cane
  infobot!
