PATH
  remote: .
  specs:
    infobot (0.0.1)
      activesupport (~> 4.0)
      erubis
      mediawiki-gateway (~> 0.5.2)
      memoizer (~> 1.0)
      pry (~> 0.9)
      ri_cal (~> 0.8)
      thor (~> 0.18)
      tilt (~> 2.0)

GEM
  remote: https://rubygems.org/
  specs:
    activesupport (4.0.2)
      i18n (~> 0.6, >= 0.6.4)
      minitest (~> 4.2)
      multi_json (~> 1.3)
      thread_safe (~> 0.1)
      tzinfo (~> 0.3.37)
    atomic (1.1.14)
    cane (2.6.1)
      parallel
    coderay (1.1.0)
    erubis (2.7.0)
    i18n (0.6.9)
    mediawiki-gateway (0.5.2)
      activesupport
      mediawiki-gateway
      rest-client (>= 1.3.0)
    memoizer (1.0.1)
    method_source (0.8.2)
    mime-types (2.0)
    minitest (4.7.5)
    multi_json (1.8.4)
    parallel (0.9.2)
    pry (0.9.12.4)
      coderay (~> 1.0)
      method_source (~> 0.8)
      slop (~> 3.4)
    rest-client (1.6.7)
      mime-types (>= 1.16)
    ri_cal (0.8.8)
    slop (3.4.7)
    thor (0.18.1)
    thread_safe (0.1.3)
      atomic
    tilt (2.0.0)
    tzinfo (0.3.38)

PLATFORMS
  ruby

DEPENDENCIES
  cane
  infobot!
