GEM
  remote: https://rubygems.org/
  specs:
    activesupport (4.0.0)
      i18n (~> 0.6, >= 0.6.4)
      minitest (~> 4.2)
      multi_json (~> 1.3)
      thread_safe (~> 0.1)
      tzinfo (~> 0.3.37)
    atomic (1.1.13)
    i18n (0.6.5)
    icalendar (1.4.1)
    mediawiki-gateway (0.5.2)
      activesupport
      mediawiki-gateway
      rest-client (>= 1.3.0)
    mime-types (1.24)
    minitest (4.7.5)
    multi_json (1.7.9)
    rest-client (1.6.7)
      mime-types (>= 1.16)
    thread_safe (0.1.2)
      atomic
    tilt (1.4.1)
    tzinfo (0.3.37)

PLATFORMS
  ruby

DEPENDENCIES
  icalendar (~> 1.4.1)
  mediawiki-gateway (~> 0.5.2)
  tilt (~> 1.4.1)
